GEM
  remote: https://rubygems.org/
  specs:
    faraday (0.9.2)
      multipart-post (>= 1.2, < 3)
    httparty (0.13.7)
      json (~> 1.8)
      multi_xml (>= 0.5.2)
    json (1.8.6)
    multi_xml (0.6.0)
    multipart-post (2.0.0)
    net-scp (1.2.1)
      net-ssh (>= 2.6.5)
    net-ssh (4.2.0)
    rake (12.3.1)
    rmmseg-cpp-new (0.3.1)
    ruby-pinyin (0.5.0)
      rmmseg-cpp-new (~> 0.3.1)
    settingslogic (2.0.9)
    terminal-table (1.8.0)
      unicode-display_width (~> 1.1, >= 1.1.1)
    unicode-display_width (1.3.2)

PLATFORMS
  ruby

DEPENDENCIES
  faraday (~> 0.9.2)
  httparty (~> 0.13.7)
  net-scp (~> 1.2.1)
  net-ssh (~> 4.2.0)
  rake (~> 12.3.0)
  ruby-pinyin (~> 0.5.0)
  settingslogic (~> 2.0.9)
  terminal-table (~> 1.8.0)

BUNDLED WITH
   1.15.4
