GEM
  remote: https://rubygems.org/
  specs:
    httparty (0.13.7)
      json (~> 1.8)
      multi_xml (>= 0.5.2)
    json (1.8.6)
    multi_xml (0.6.0)
    rake (12.3.1)

PLATFORMS
  ruby

DEPENDENCIES
  httparty (~> 0.13.7)
  rake (~> 12.3.0)

BUNDLED WITH
   1.15.4
